PATH
  remote: .
  specs:
    apachai-hopachai (1.0.0)
      ansi2html
      mail
      safe_yaml

GEM
  remote: https://rubygems.org/
  specs:
    ansi2html (5.3.4)
    diff-lcs (1.2.4)
    mail (2.5.4)
      mime-types (~> 1.16)
      treetop (~> 1.4.8)
    mime-types (1.23)
    polyglot (0.3.3)
    rspec (2.13.0)
      rspec-core (~> 2.13.0)
      rspec-expectations (~> 2.13.0)
      rspec-mocks (~> 2.13.0)
    rspec-core (2.13.1)
    rspec-expectations (2.13.0)
      diff-lcs (>= 1.1.3, < 2.0)
    rspec-mocks (2.13.1)
    safe_yaml (0.9.3)
    treetop (1.4.14)
      polyglot
      polyglot (>= 0.3.1)

PLATFORMS
  ruby

DEPENDENCIES
  apachai-hopachai!
  rspec
