GEM
  remote: https://rubygems.org/
  specs:
    safe_yaml (0.9.3)

PLATFORMS
  ruby

DEPENDENCIES
  safe_yaml
