GEM
  remote: https://rubygems.org/
  specs:
    ansi2html (5.3.4)
    mail (2.5.4)
      mime-types (~> 1.16)
      treetop (~> 1.4.8)
    mime-types (1.23)
    polyglot (0.3.3)
    safe_yaml (0.9.3)
    treetop (1.4.14)
      polyglot
      polyglot (>= 0.3.1)

PLATFORMS
  ruby

DEPENDENCIES
  ansi2html
  mail
  safe_yaml
